GEM
  specs:
    daemons (1.1.9)
    filewatcher (0.2.0)
      trollop (>= 1.16.2)
    mini_portile (0.5.1)
    nokogiri (1.6.0)
      mini_portile (~> 0.5.0)
    taglib-ruby (0.6.0)
    terminal-notifier (1.5.1)
    trollop (2.0)

PLATFORMS
  ruby

DEPENDENCIES
  daemons
  filewatcher
  nokogiri
  taglib-ruby
  terminal-notifier
